GEM
  remote: http://rubygems.org/
  specs:
    actionmailer (2.3.11)
      actionpack (= 2.3.11)
    actionpack (2.3.11)
      activesupport (= 2.3.11)
      rack (~> 1.1.0)
    activerecord (2.3.11)
      activesupport (= 2.3.11)
    activeresource (2.3.11)
      activesupport (= 2.3.11)
    activesupport (2.3.11)
    calendar_date_select (1.16.1)
    haml (3.0.25)
    i18n (0.5.0)
    mysql (2.8.1)
    rack (1.1.2)
    rails (2.3.11)
      actionmailer (= 2.3.11)
      actionpack (= 2.3.11)
      activerecord (= 2.3.11)
      activeresource (= 2.3.11)
      activesupport (= 2.3.11)
      rake (>= 0.8.3)
    rake (0.8.7)
    will_paginate (2.3.15)

PLATFORMS
  ruby

DEPENDENCIES
  calendar_date_select (= 1.16.1)
  haml (= 3.0.25)
  i18n
  mysql (= 2.8.1)
  rails (= 2.3.11)
  will_paginate (~> 2.3.11)
