GEM
  remote: http://rubygems.org/
  specs:
    actionmailer (2.3.11)
      actionpack (= 2.3.11)
    actionpack (2.3.11)
      activesupport (= 2.3.11)
      rack (~> 1.1.0)
    activerecord (2.3.11)
      activesupport (= 2.3.11)
    activeresource (2.3.11)
      activesupport (= 2.3.11)
    activesupport (2.3.11)
    calendar_date_select (1.16.1)
    haml (3.0.25)
    hoe (3.0.7)
      rake (~> 0.8)
    i18n (0.5.0)
    mysql (2.8.1)
    nokogiri (1.5.5)
    rack (1.1.2)
    rack-test (0.6.1)
      rack (>= 1.0)
    rails (2.3.11)
      actionmailer (= 2.3.11)
      actionpack (= 2.3.11)
      activerecord (= 2.3.11)
      activeresource (= 2.3.11)
      activesupport (= 2.3.11)
      rake (>= 0.8.3)
    rails-footnotes (3.7.4)
    rake (0.8.7)
    rspec (1.3.2)
    rspec-rails (1.3.4)
      rack (>= 1.0.0)
      rspec (~> 1.3.1)
    test-unit (1.2.3)
      hoe (>= 1.5.1)
    webrat (0.7.3)
      nokogiri (>= 1.2.0)
      rack (>= 1.0)
      rack-test (>= 0.5.3)
    will_paginate (2.3.15)

PLATFORMS
  ruby

DEPENDENCIES
  calendar_date_select (= 1.16.1)
  haml (= 3.0.25)
  i18n
  mysql (= 2.8.1)
  rails (= 2.3.11)
  rails-footnotes
  rspec (~> 1.3)
  rspec-rails (~> 1.3)
  test-unit (~> 1.2.3)
  webrat
  will_paginate (~> 2.3.11)
